PATH
  remote: .
  specs:
    mail_room (0.10.0)

GEM
  remote: https://rubygems.org/
  specs:
    addressable (2.7.0)
      public_suffix (>= 2.0.2, < 5.0)
    bourne (1.6.0)
      mocha (~> 1.1)
    charlock_holmes (0.7.7)
    diff-lcs (1.3)
    docile (1.3.2)
    faraday (1.0.1)
      multipart-post (>= 1.2, < 3)
    launchy (2.5.0)
      addressable (~> 2.7)
    letter_opener (1.7.0)
      launchy (~> 2.2)
    mail (2.7.1)
      mini_mime (>= 0.1.1)
    metaclass (0.0.4)
    mini_mime (1.0.2)
    mocha (1.9.0)
      metaclass (~> 0.0.1)
    multipart-post (2.1.1)
    pg (1.2.3)
    public_suffix (4.0.4)
    rake (13.0.1)
    redis (3.3.5)
    redis-namespace (1.7.0)
      redis (>= 3.0.4)
    rspec (3.9.0)
      rspec-core (~> 3.9.0)
      rspec-expectations (~> 3.9.0)
      rspec-mocks (~> 3.9.0)
    rspec-core (3.9.1)
      rspec-support (~> 3.9.1)
    rspec-expectations (3.9.1)
      diff-lcs (>= 1.2.0, < 2.0)
      rspec-support (~> 3.9.0)
    rspec-mocks (3.9.1)
      diff-lcs (>= 1.2.0, < 2.0)
      rspec-support (~> 3.9.0)
    rspec-support (3.9.2)
    simplecov (0.18.5)
      docile (~> 1.1)
      simplecov-html (~> 0.11)
    simplecov-html (0.12.2)

PLATFORMS
  ruby

DEPENDENCIES
  bourne
  charlock_holmes
  faraday
  letter_opener
  mail
  mail_room!
  mocha (~> 1.9.0)
  pg
  rake
  redis (~> 3.3.1)
  redis-namespace
  rspec
  simplecov

BUNDLED WITH
   1.17.3
